GEM
  remote: https://rubygems.org/
  specs:
    tiny_tds (2.1.2)

PLATFORMS
  ruby

DEPENDENCIES
  tiny_tds

BUNDLED WITH
   2.0.1
