GEM
  remote: https://rubygems.org/
  specs:
    awesome_print (1.8.0)
    nested_array (0.1.3)

PLATFORMS
  ruby

DEPENDENCIES
  awesome_print
  nested_array

BUNDLED WITH
   2.0.1
